PATH
  remote: ~/Playground/rails/rails/activemodel
  specs:
    activemodel (4.0.0.beta)
      activesupport (= 4.0.0.beta)
      builder (~> 3.0.0)

PATH
  remote: ~/Playground/rails/rails/activerecord
  specs:
    activerecord (4.0.0.beta)
      activemodel (= 4.0.0.beta)
      activesupport (= 4.0.0.beta)
      arel (~> 3.0.2)

PATH
  remote: ~/Playground/rails/rails/activesupport
  specs:
    activesupport (4.0.0.beta)
      i18n (~> 0.6)
      multi_json (~> 1.0)
      tzinfo (~> 0.3.31)

GEM
  remote: http://rubygems.org/
  specs:
    arel (3.0.2)
    builder (3.0.0)
    i18n (0.6.0)
    multi_json (1.1.0)
    pg (0.13.2)
    tzinfo (0.3.31)

PLATFORMS
  ruby

DEPENDENCIES
  activemodel!
  activerecord!
  activesupport!
  pg
